GEM
  remote: http://rubygems.org/
  specs:
    blankslate (2.1.2.4)
    celluloid (0.15.2)
      timers (~> 1.1.0)
    chunky_png (1.3.1)
    classifier (1.3.4)
      fast-stemmer (>= 1.0.0)
    coffee-script (2.3.0)
      coffee-script-source
      execjs
    coffee-script-source (1.7.1)
    colorator (0.1)
    compass (0.12.7)
      chunky_png (~> 1.2)
      fssm (>= 0.2.7)
      sass (~> 3.2.19)
    daemons (1.2.4)
    eventmachine (1.2.1)
    execjs (2.2.1)
    fast-stemmer (1.0.2)
    ffi (1.9.3)
    fssm (0.2.10)
    jekyll (2.0.3)
      classifier (~> 1.3)
      colorator (~> 0.1)
      jekyll-coffeescript (~> 1.0)
      jekyll-sass-converter (~> 1.0)
      kramdown (~> 1.3)
      liquid (~> 2.5.5)
      listen (~> 2.5)
      mercenary (~> 0.3.3)
      pygments.rb (~> 0.5.0)
      redcarpet (~> 3.1)
      safe_yaml (~> 1.0)
      toml (~> 0.1.0)
    jekyll-coffeescript (1.0.0)
      coffee-script (~> 2.2)
    jekyll-sass-converter (1.2.0)
      sass (~> 3.2)
    jekyll-sitemap (0.5.1)
    kramdown (1.4.0)
    liquid (2.5.5)
    listen (2.7.9)
      celluloid (>= 0.15.2)
      rb-fsevent (>= 0.9.3)
      rb-inotify (>= 0.9)
    maruku (0.7.0)
    mercenary (0.3.4)
    octopress-code-highlighter (4.2.3)
      colorator (~> 0.1)
    octopress-codeblock (1.0.4)
      octopress-code-highlighter (~> 4.0)
    octopress-codefence (1.4.4)
      octopress-code-highlighter (~> 4.2)
      octopress-hooks (~> 2.1)
    octopress-gist (1.3.4)
      octopress-code-highlighter (~> 4.2)
    octopress-hooks (2.1.0)
      jekyll (~> 2.0)
    octopress-render-code (1.0.3)
      octopress-code-highlighter (~> 4.2)
    octopress-render-tag (1.0.3)
      jekyll (~> 2.0)
      octopress-tag-helpers (~> 1.0)
    octopress-tag-helpers (1.0.1)
      jekyll (~> 2.0)
    parslet (1.5.0)
      blankslate (~> 2.0)
    posix-spawn (0.3.9)
    pygments.rb (0.5.4)
      posix-spawn (~> 0.3.6)
      yajl-ruby (~> 1.1.0)
    rack (1.5.2)
    rack-protection (1.5.3)
      rack
    rake (10.3.2)
    rb-fsevent (0.9.4)
    rb-inotify (0.9.5)
      ffi (>= 0.5.0)
    redcarpet (3.1.2)
    rouge (1.6.1)
    rubypants (0.2.0)
    safe_yaml (1.0.3)
    sass (3.2.19)
    sass-globbing (1.1.1)
      sass (>= 3.1)
    sinatra (1.4.5)
      rack (~> 1.4)
      rack-protection (~> 1.4)
      tilt (~> 1.3, >= 1.3.4)
    stringex (1.5.1)
    thin (1.7.0)
      daemons (~> 1.0, >= 1.0.9)
      eventmachine (~> 1.0, >= 1.0.4)
      rack (>= 1, < 3)
    tilt (1.4.1)
    timers (1.1.0)
    toml (0.1.1)
      parslet (~> 1.5.0)
    yajl-ruby (1.1.0)

PLATFORMS
  ruby

DEPENDENCIES
  compass (~> 0.12)
  jekyll (~> 2.0)
  jekyll-sitemap
  liquid (= 2.5.5)
  maruku (= 0.7.0)
  octopress-codeblock (~> 1.0)
  octopress-codefence (~> 1.4)
  octopress-gist (~> 1.3)
  octopress-hooks
  octopress-render-code (~> 1.0)
  octopress-render-tag (~> 1.0)
  rack
  rake
  redcarpet
  rouge
  rubypants (~> 0.2)
  sass-globbing (~> 1.0)
  sinatra
  stringex (~> 1.4)
  thin (~> 1.7)

BUNDLED WITH
   1.13.6
